NUGET
  remote: https://www.myget.org/F/6416d9912a7c4d46bc983870fb440d25
  specs:
    AdamsLair.WinForms (0.1.8)
    Duality (0.1.192)
    Duality.Android (0.1.7)
      Farseer.Duality.Android (>= 0.1.7)
    DualityEditor (0.1.192)
      AdamsLair.WinForms (>= 0.1.8)
    FAKE (3.35.4)
    Farseer.Duality.Android (0.1.7)
    FsCheck (1.0.0)
    FsCheck.Nunit (1.0.0)
      FsCheck (>= 1.0.0)
      NUnit (>= 2.6.3)
      NUnit.Runners (>= 2.6.3)
    Mono.Cecil (0.9.5.4) - framework: >= net45
    NuGet.CommandLine (2.8.5)
    NUnit (2.6.3)
    NUnit.Runners (2.6.3)
    OpenTK.Duality.Android (0.1.50)
    ScriptingPlugin (0.1.44) - framework: >= net45
