NUGET
  remote: https://www.myget.org/F/6416d9912a7c4d46bc983870fb440d25
  specs:
    AdamsLair.WinForms (0.1.8)
    Duality (0.1.181)
    DualityEditor (0.1.177)
      AdamsLair.WinForms (>= 0.1.8)
  remote: https://www.nuget.org/api/v2
  specs:
    FsCheck (1.0.0)
    FsCheck.Nunit (1.0.0)
      FsCheck (>= 1.0.0)
      NUnit (>= 2.6.3)
      NUnit.Runners (>= 2.6.3)
    NuGet.CommandLine (2.8.3)
    NUnit (2.6.3)
    NUnit.Runners (2.6.3)
